GEM
  remote: https://rubygems.org/
  specs:
    cgi (0.4.1)
    mysql2 (0.5.5)
    rack (3.0.8)
    webrick (1.8.1)

PLATFORMS
  ruby
  x86_64-linux

DEPENDENCIES
  cgi
  mysql2
  rack
  webrick

BUNDLED WITH
   2.5.5
